PATH
  remote: .
  specs:
    imgur (0.01)
      addressable
      cistern (~> 0.1.3)
      multi_json
      oauth
      rack-client

GEM
  remote: http://rubygems.org/
  specs:
    addressable (2.3.2)
    cistern (0.1.4)
    diff-lcs (1.1.3)
    multi_json (1.5.0)
    oauth (0.4.7)
    rack (1.4.1)
    rack-client (0.4.0)
      rack (>= 1.0.0)
    rspec (2.12.0)
      rspec-core (~> 2.12.0)
      rspec-expectations (~> 2.12.0)
      rspec-mocks (~> 2.12.0)
    rspec-core (2.12.1)
    rspec-expectations (2.12.0)
      diff-lcs (~> 1.1.3)
    rspec-mocks (2.12.0)

PLATFORMS
  ruby

DEPENDENCIES
  bundler
  imgur!
  rspec
